PATH
  remote: .
  specs:
    paypal-recurring (0.1.6)

GEM
  remote: http://rubygems.org/
  specs:
    archive-tar-minitar (0.5.2)
    columnize (0.3.3)
    diff-lcs (1.1.2)
    fakeweb (1.3.0)
    linecache19 (0.5.12)
      ruby_core_source (>= 0.1.4)
    rake (0.8.7)
    rspec (2.6.0)
      rspec-core (~> 2.6.0)
      rspec-expectations (~> 2.6.0)
      rspec-mocks (~> 2.6.0)
    rspec-core (2.6.4)
    rspec-expectations (2.6.0)
      diff-lcs (~> 1.1.2)
    rspec-mocks (2.6.0)
    ruby-debug-base19 (0.11.25)
      columnize (>= 0.3.1)
      linecache19 (>= 0.5.11)
      ruby_core_source (>= 0.1.4)
    ruby-debug19 (0.11.6)
      columnize (>= 0.3.1)
      linecache19 (>= 0.5.11)
      ruby-debug-base19 (>= 0.11.19)
    ruby_core_source (0.1.5)
      archive-tar-minitar (>= 0.5.2)
    vcr (1.10.0)

PLATFORMS
  ruby

DEPENDENCIES
  fakeweb (~> 1.3.0)
  paypal-recurring!
  rake (~> 0.8.7)
  rspec (~> 2.6)
  ruby-debug19
  vcr (~> 1.10)
